GEM
  remote: https://rubygems.org/
  specs:
    activesupport (6.0.2.2)
      concurrent-ruby (~> 1.0, >= 1.0.2)
      i18n (>= 0.7, < 2)
      minitest (~> 5.1)
      tzinfo (~> 1.1)
      zeitwerk (~> 2.2)
    ast (2.4.0)
    concurrent-ruby (1.1.6)
    dotenv (2.7.5)
    faraday (1.0.0)
      multipart-post (>= 1.2, < 3)
    faraday_middleware (1.0.0.rc1)
      faraday (~> 1.0)
    gli (2.19.0)
    hashie (4.1.0)
    i18n (1.8.2)
      concurrent-ruby (~> 1.0)
    jaro_winkler (1.5.4)
    minitest (5.14.0)
    multipart-post (2.1.1)
    mustermann (2.0.2)
      ruby2_keywords (~> 0.0.1)
    parallel (1.19.1)
    parser (2.7.0.5)
      ast (~> 2.4.0)
    rack (2.2.4)
    rack-protection (2.2.3)
      rack
    rainbow (3.0.0)
    rexml (3.2.4)
    rubocop (0.80.1)
      jaro_winkler (~> 1.5.1)
      parallel (~> 1.10)
      parser (>= 2.7.0.1)
      rainbow (>= 2.2.2, < 4.0)
      rexml
      ruby-progressbar (~> 1.7)
      unicode-display_width (>= 1.4.0, < 1.7)
    ruby-progressbar (1.10.1)
    ruby2_keywords (0.0.5)
    sinatra (2.2.3)
      mustermann (~> 2.0)
      rack (~> 2.2)
      rack-protection (= 2.2.3)
      tilt (~> 2.0)
    slack-ruby-client (0.14.5)
      activesupport
      faraday (>= 0.9)
      faraday_middleware
      gli
      hashie
      websocket-driver
    thread_safe (0.3.6)
    tilt (2.0.11)
    tzinfo (1.2.6)
      thread_safe (~> 0.1)
    unicode-display_width (1.6.1)
    websocket-driver (0.7.1)
      websocket-extensions (>= 0.1.0)
    websocket-extensions (0.1.4)
    zeitwerk (2.3.0)

PLATFORMS
  ruby

DEPENDENCIES
  dotenv
  rubocop
  sinatra
  slack-ruby-client

BUNDLED WITH
   1.17.3
